GEM
  remote: https://rubygems.org/
  specs:
    eventmachine (1.0.3)
    faraday (0.8.7)
      multipart-post (~> 1.1)
    httparty (0.11.0)
      multi_json (~> 1.0)
      multi_xml (>= 0.5.2)
    mtgox (0.9.0)
      faraday (~> 0.8, < 0.10)
      multi_json (~> 1.0)
    multi_json (1.7.2)
    multi_xml (0.5.3)
    multipart-post (1.2.0)

PLATFORMS
  ruby

DEPENDENCIES
  eventmachine
  httparty
  mtgox
